GEM
  remote: http://rubygems.org/
  specs:
    activesupport (3.2.8)
      i18n (~> 0.6)
      multi_json (~> 1.0)
    i18n (0.6.1)
    multi_json (1.3.6)
    nokogiri (1.5.5)
    psych (1.3.4)

PLATFORMS
  ruby

DEPENDENCIES
  activesupport
  nokogiri
  psych
