GEM
  remote: https://rubygems.org/
  specs:
    activesupport (4.0.0)
      i18n (~> 0.6, >= 0.6.4)
      minitest (~> 4.2)
      multi_json (~> 1.3)
      thread_safe (~> 0.1)
      tzinfo (~> 0.3.37)
    addressable (2.3.5)
    atomic (1.1.10)
    daemons (1.1.9)
    eventmachine (1.0.3)
    faraday (0.8.7)
      multipart-post (~> 1.1)
    github_api (0.10.2)
      addressable
      faraday (~> 0.8.7)
      hashie (>= 1.2)
      multi_json (~> 1.4)
      nokogiri (~> 1.6.0)
      oauth2
    github_downloads (0.1.3)
      github_api (~> 0.6)
      rest-client (~> 1.6)
    hashie (2.0.5)
    httpauth (0.2.0)
    i18n (0.6.4)
    jwt (0.1.8)
      multi_json (>= 1.5)
    mime-types (1.23)
    mini_portile (0.5.1)
    minitest (4.7.5)
    multi_json (1.7.7)
    multi_xml (0.5.4)
    multipart-post (1.2.0)
    nokogiri (1.6.0)
      mini_portile (~> 0.5.0)
    oauth2 (0.9.2)
      faraday (~> 0.8)
      httpauth (~> 0.2)
      jwt (~> 0.1.4)
      multi_json (~> 1.0)
      multi_xml (~> 0.5)
      rack (~> 1.2)
    rack (1.5.2)
    rake (10.1.0)
    rest-client (1.6.7)
      mime-types (>= 1.16)
    thin (1.5.1)
      daemons (>= 1.0.9)
      eventmachine (>= 0.12.6)
      rack (>= 1.0.0)
    thread_safe (0.1.0)
      atomic
    tzinfo (0.3.37)

PLATFORMS
  ruby

DEPENDENCIES
  activesupport
  github_downloads
  nokogiri
  rack
  rake
  thin
